GEM
  remote: https://rubygems.org/
  specs:
    activesupport (4.2.0)
      i18n (~> 0.7)
      json (~> 1.7, >= 1.7.7)
      minitest (~> 5.1)
      thread_safe (~> 0.3, >= 0.3.4)
      tzinfo (~> 1.1)
    ffi (1.9.6)
    file-tail (1.1.0)
      tins (~> 1.0)
    i18n (0.7.0)
    json (1.8.2)
    minitest (5.5.1)
    oop_rails_server (0.0.8)
      file-tail
      json
    sys-cpu (0.7.1)
      ffi (>= 1.0.0)
    thread_safe (0.3.4)
    tins (1.3.5)
    trollop (2.1.2)
    tzinfo (1.2.2)
      thread_safe (~> 0.1)

PLATFORMS
  ruby

DEPENDENCIES
  activesupport
  oop_rails_server (>= 0.0.8)
  sys-cpu
  trollop
